GEM
  remote: https://rubygems.org/
  specs:
    actioncable (6.1.7.7)
      actionpack (= 6.1.7.7)
      activesupport (= 6.1.7.7)
      nio4r (~> 2.0)
      websocket-driver (>= 0.6.1)
    actionmailbox (6.1.7.7)
      actionpack (= 6.1.7.7)
      activejob (= 6.1.7.7)
      activerecord (= 6.1.7.7)
      activestorage (= 6.1.7.7)
      activesupport (= 6.1.7.7)
      mail (>= 2.7.1)
    actionmailer (6.1.7.7)
      actionpack (= 6.1.7.7)
      actionview (= 6.1.7.7)
      activejob (= 6.1.7.7)
      activesupport (= 6.1.7.7)
      mail (~> 2.5, >= 2.5.4)
      rails-dom-testing (~> 2.0)
    actionpack (6.1.7.7)
      actionview (= 6.1.7.7)
      activesupport (= 6.1.7.7)
      rack (~> 2.0, >= 2.0.9)
      rack-test (>= 0.6.3)
      rails-dom-testing (~> 2.0)
      rails-html-sanitizer (~> 1.0, >= 1.2.0)
    actiontext (6.1.7.7)
      actionpack (= 6.1.7.7)
      activerecord (= 6.1.7.7)
      activestorage (= 6.1.7.7)
      activesupport (= 6.1.7.7)
      nokogiri (>= 1.8.5)
    actionview (6.1.7.7)
      activesupport (= 6.1.7.7)
      builder (~> 3.1)
      erubi (~> 1.4)
      rails-dom-testing (~> 2.0)
      rails-html-sanitizer (~> 1.1, >= 1.2.0)
    activejob (6.1.7.7)
      activesupport (= 6.1.7.7)
      globalid (>= 0.3.6)
    activemodel (6.1.7.7)
      activesupport (= 6.1.7.7)
    activerecord (6.1.7.7)
      activemodel (= 6.1.7.7)
      activesupport (= 6.1.7.7)
    activestorage (6.1.7.7)
      actionpack (= 6.1.7.7)
      activejob (= 6.1.7.7)
      activerecord (= 6.1.7.7)
      activesupport (= 6.1.7.7)
      marcel (~> 1.0)
      mini_mime (>= 1.1.0)
    activesupport (6.1.7.7)
      concurrent-ruby (~> 1.0, >= 1.0.2)
      i18n (>= 1.6, < 2)
      minitest (>= 5.1)
      tzinfo (~> 2.0)
      zeitwerk (~> 2.3)
    aws-eventstream (1.1.1)
    aws-partitions (1.492.0)
    aws-sdk-chimesdkidentity (1.0.0)
      aws-sdk-core (~> 3, >= 3.119.0)
      aws-sigv4 (~> 1.1)
    aws-sdk-chimesdkmessaging (1.0.0)
      aws-sdk-core (~> 3, >= 3.119.0)
      aws-sigv4 (~> 1.1)
    aws-sdk-core (3.119.1)
      aws-eventstream (~> 1, >= 1.0.2)
      aws-partitions (~> 1, >= 1.239.0)
      aws-sigv4 (~> 1.1)
      jmespath (~> 1.0)
    aws-sdk-ivs (1.11.0)
      aws-sdk-core (~> 3, >= 3.119.0)
      aws-sigv4 (~> 1.1)
    aws-sdk-kms (1.47.0)
      aws-sdk-core (~> 3, >= 3.119.0)
      aws-sigv4 (~> 1.1)
    aws-sdk-medialive (1.75.0)
      aws-sdk-core (~> 3, >= 3.119.0)
      aws-sigv4 (~> 1.1)
    aws-sdk-s3 (1.100.0)
      aws-sdk-core (~> 3, >= 3.119.0)
      aws-sdk-kms (~> 1)
      aws-sigv4 (~> 1.1)
    aws-sdk-sqs (1.43.0)
      aws-sdk-core (~> 3, >= 3.119.0)
      aws-sigv4 (~> 1.1)
    aws-sdk-transcribestreamingservice (1.31.0)
      aws-sdk-core (~> 3, >= 3.119.0)
      aws-sigv4 (~> 1.1)
    aws-sigv4 (1.2.4)
      aws-eventstream (~> 1, >= 1.0.2)
    barnes (0.0.9)
      multi_json (~> 1)
      statsd-ruby (~> 1.1)
    builder (3.2.4)
    byebug (11.1.3)
    concurrent-ruby (1.2.3)
    crass (1.0.6)
    date (3.3.4)
    erubi (1.12.0)
    faraday (1.7.1)
      faraday-em_http (~> 1.0)
      faraday-em_synchrony (~> 1.0)
      faraday-excon (~> 1.1)
      faraday-httpclient (~> 1.0.1)
      faraday-net_http (~> 1.0)
      faraday-net_http_persistent (~> 1.1)
      faraday-patron (~> 1.0)
      faraday-rack (~> 1.0)
      multipart-post (>= 1.2, < 3)
      ruby2_keywords (>= 0.0.4)
    faraday-em_http (1.0.0)
    faraday-em_synchrony (1.0.0)
    faraday-excon (1.1.0)
    faraday-httpclient (1.0.1)
    faraday-net_http (1.0.1)
    faraday-net_http_persistent (1.2.0)
    faraday-patron (1.0.0)
    faraday-rack (1.0.0)
    ffi (1.15.3)
    globalid (1.2.1)
      activesupport (>= 6.1)
    http-2 (0.11.0)
    i18n (1.14.1)
      concurrent-ruby (~> 1.0)
    jmespath (1.4.0)
    jsonnet (0.4.0)
      mini_portile2 (>= 2.2.0)
    jwt (2.2.3)
    listen (3.5.1)
      rb-fsevent (~> 0.10, >= 0.10.3)
      rb-inotify (~> 0.9, >= 0.9.10)
    loofah (2.22.0)
      crass (~> 1.0.2)
      nokogiri (>= 1.12.0)
    mail (2.8.1)
      mini_mime (>= 0.1.1)
      net-imap
      net-pop
      net-smtp
    marcel (1.0.2)
    method_source (1.0.0)
    mime-types (3.3.1)
      mime-types-data (~> 3.2015)
    mime-types-data (3.2021.0704)
    mini_mime (1.1.5)
    mini_portile2 (2.8.5)
    minitest (5.22.2)
    multi_json (1.15.0)
    multipart-post (2.1.1)
    net-imap (0.4.10)
      date
      net-protocol
    net-pop (0.1.2)
      net-protocol
    net-protocol (0.2.2)
      timeout
    net-smtp (0.4.0.1)
      net-protocol
    nio4r (2.7.0)
    nokogiri (1.16.2)
      mini_portile2 (~> 2.8.2)
      racc (~> 1.4)
    pg (1.2.3)
    puma (5.3.2)
      nio4r (~> 2.0)
    racc (1.7.3)
    rack (2.2.8.1)
    rack-test (2.1.0)
      rack (>= 1.3)
    rails (6.1.7.7)
      actioncable (= 6.1.7.7)
      actionmailbox (= 6.1.7.7)
      actionmailer (= 6.1.7.7)
      actionpack (= 6.1.7.7)
      actiontext (= 6.1.7.7)
      actionview (= 6.1.7.7)
      activejob (= 6.1.7.7)
      activemodel (= 6.1.7.7)
      activerecord (= 6.1.7.7)
      activestorage (= 6.1.7.7)
      activesupport (= 6.1.7.7)
      bundler (>= 1.15.0)
      railties (= 6.1.7.7)
      sprockets-rails (>= 2.0.0)
    rails-dom-testing (2.2.0)
      activesupport (>= 5.0.0)
      minitest
      nokogiri (>= 1.6)
    rails-html-sanitizer (1.6.0)
      loofah (~> 2.21)
      nokogiri (~> 1.14)
    railties (6.1.7.7)
      actionpack (= 6.1.7.7)
      activesupport (= 6.1.7.7)
      method_source
      rake (>= 12.2)
      thor (~> 1.0)
    rake (13.1.0)
    rb-fsevent (0.11.0)
    rb-inotify (0.10.1)
      ffi (~> 1.0)
    ruby2_keywords (0.0.5)
    s3_assets_uploader (0.5.0)
      aws-sdk-s3 (>= 1.0)
      mime-types
    sass-rails (6.0.0)
      sassc-rails (~> 2.1, >= 2.1.1)
    sassc (2.4.0)
      ffi (~> 1.9)
    sassc-rails (2.1.2)
      railties (>= 4.0.0)
      sassc (>= 2.0)
      sprockets (> 3.0)
      sprockets-rails
      tilt
    sentry-rails (4.7.1)
      railties (>= 5.0)
      sentry-ruby-core (~> 4.7.0)
    sentry-ruby (4.7.1)
      concurrent-ruby (~> 1.0, >= 1.0.2)
      faraday (>= 1.0)
      sentry-ruby-core (= 4.7.1)
    sentry-ruby-core (4.7.1)
      concurrent-ruby
      faraday
    shoryuken (5.2.3)
      aws-sdk-core (>= 2)
      concurrent-ruby
      thor
    simpacker (1.2.0)
      railties (>= 4.2)
    sprockets (4.2.1)
      concurrent-ruby (~> 1.0)
      rack (>= 2.2.4, < 4)
    sprockets-rails (3.4.2)
      actionpack (>= 5.2)
      activesupport (>= 5.2)
      sprockets (>= 3.0.0)
    statsd-ruby (1.5.0)
    thor (1.3.1)
    tilt (2.0.10)
    timeout (0.4.1)
    tzinfo (2.0.6)
      concurrent-ruby (~> 1.0)
    websocket-driver (0.7.6)
      websocket-extensions (>= 0.1.0)
    websocket-extensions (0.1.5)
    zeitwerk (2.6.13)

PLATFORMS
  ruby

DEPENDENCIES
  aws-sdk-chimesdkidentity
  aws-sdk-chimesdkmessaging
  aws-sdk-core
  aws-sdk-ivs
  aws-sdk-medialive
  aws-sdk-s3
  aws-sdk-sqs
  aws-sdk-transcribestreamingservice
  barnes
  byebug
  http-2
  jsonnet
  jwt
  listen (~> 3.3)
  pg (~> 1.1)
  puma (~> 5.0)
  rails (~> 6.1.7)
  s3_assets_uploader
  sass-rails (>= 6)
  sentry-rails
  sentry-ruby
  shoryuken
  simpacker

BUNDLED WITH
   2.2.24
